PATH
  remote: .
  specs:
    csv_to_seed (0.1.0)
      rdoc
      ruby-progressbar

GEM
  remote: https://rubygems.org/
  specs:
    diff-lcs (1.2.5)
    json (1.8.1)
    rake (10.3.1)
    rdoc (4.1.1)
      json (~> 1.4)
    rspec (2.14.1)
      rspec-core (~> 2.14.0)
      rspec-expectations (~> 2.14.0)
      rspec-mocks (~> 2.14.0)
    rspec-core (2.14.8)
    rspec-expectations (2.14.5)
      diff-lcs (>= 1.1.3, < 2.0)
    rspec-mocks (2.14.6)
    ruby-progressbar (1.5.1)

PLATFORMS
  ruby

DEPENDENCIES
  bundler (~> 1.6)
  csv_to_seed!
  rake
  rspec
